GEM
  remote: https://rubygems.org/
  specs:
    actionmailer (4.2.7.1)
      actionpack (= 4.2.7.1)
      actionview (= 4.2.7.1)
      activejob (= 4.2.7.1)
      mail (~> 2.5, >= 2.5.4)
      rails-dom-testing (~> 1.0, >= 1.0.5)
    actionpack (4.2.7.1)
      actionview (= 4.2.7.1)
      activesupport (= 4.2.7.1)
      rack (~> 1.6)
      rack-test (~> 0.6.2)
      rails-dom-testing (~> 1.0, >= 1.0.5)
      rails-html-sanitizer (~> 1.0, >= 1.0.2)
    actionview (4.2.7.1)
      activesupport (= 4.2.7.1)
      builder (~> 3.1)
      erubis (~> 2.7.0)
      rails-dom-testing (~> 1.0, >= 1.0.5)
      rails-html-sanitizer (~> 1.0, >= 1.0.2)
    activejob (4.2.7.1)
      activesupport (= 4.2.7.1)
      globalid (>= 0.3.0)
    activemodel (4.2.7.1)
      activesupport (= 4.2.7.1)
      builder (~> 3.1)
    activerecord (4.2.7.1)
      activemodel (= 4.2.7.1)
      activesupport (= 4.2.7.1)
      arel (~> 6.0)
    activesupport (4.2.7.1)
      i18n (~> 0.7)
      json (~> 1.7, >= 1.7.7)
      minitest (~> 5.1)
      thread_safe (~> 0.3, >= 0.3.4)
      tzinfo (~> 1.1)
    addressable (2.4.0)
    administrate (0.6.0)
      actionpack (>= 4.2, < 5.1)
      actionview (>= 4.2, < 5.1)
      activerecord (>= 4.2, < 5.1)
      autoprefixer-rails (~> 6.0)
      bourbon (>= 5.0.0.beta.6)
      datetime_picker_rails (~> 0.0.7)
      jquery-rails (>= 4.0)
      kaminari (>= 1.0)
      momentjs-rails (~> 2.8)
      neat (~> 1.1)
      normalize-rails (>= 3.0)
      sass-rails (~> 5.0)
      selectize-rails (~> 0.6)
    airbrussh (1.1.0)
      sshkit (>= 1.6.1, != 1.7.0)
    ansi (1.5.0)
    arel (6.0.4)
    ast (2.3.0)
    autoprefixer-rails (6.7.7.2)
      execjs
    aws-sdk (2.5.6)
      aws-sdk-resources (= 2.5.6)
    aws-sdk-core (2.5.6)
      jmespath (~> 1.0)
    aws-sdk-resources (2.5.6)
      aws-sdk-core (= 2.5.6)
    babel-source (5.8.35)
    babel-transpiler (0.7.0)
      babel-source (>= 4.0, < 6)
      execjs (~> 2.0)
    bourbon (5.0.0.beta.7)
      sass (~> 3.4.22)
      thor (~> 0.19.1)
    brakeman (3.3.5)
    builder (3.2.3)
    capistrano (3.6.1)
      airbrussh (>= 1.0.0)
      capistrano-harrow
      i18n
      rake (>= 10.0.0)
      sshkit (>= 1.9.0)
    capistrano-bundler (1.1.4)
      capistrano (~> 3.1)
      sshkit (~> 1.2)
    capistrano-harrow (0.5.3)
    capistrano-maintenance (1.0.0)
      capistrano (>= 3.0)
    capistrano-rails (1.1.7)
      capistrano (~> 3.1)
      capistrano-bundler (~> 1.1)
    capistrano-rbenv (2.0.4)
      capistrano (~> 3.1)
      sshkit (~> 1.3)
    capybara (2.12.1)
      addressable
      mime-types (>= 1.16)
      nokogiri (>= 1.3.3)
      rack (>= 1.0.0)
      rack-test (>= 0.5.4)
      xpath (~> 2.0)
    chronic (0.10.2)
    cliver (0.3.2)
    concurrent-ruby (1.0.5)
    cookiejar (0.3.3)
    crack (0.4.3)
      safe_yaml (~> 1.0.0)
    database_cleaner (1.5.3)
    datetime_picker_rails (0.0.7)
      momentjs-rails (>= 2.8.1)
    diff-lcs (1.2.5)
    docile (1.1.5)
    domain_name (0.5.20160615)
      unf (>= 0.0.5, < 1.0.0)
    dotenv (2.1.1)
    dotenv-rails (2.1.1)
      dotenv (= 2.1.1)
      railties (>= 4.0, < 5.1)
    em-http-request (1.1.5)
      addressable (>= 2.3.4)
      cookiejar (!= 0.3.1)
      em-socksify (>= 0.3)
      eventmachine (>= 1.0.3)
      http_parser.rb (>= 0.6.0)
    em-socksify (0.3.1)
      eventmachine (>= 1.0.0.beta.4)
    em-synchrony (1.0.5)
      eventmachine (>= 1.0.0.beta.1)
    erubis (2.7.0)
    eventmachine (1.0.9.1)
    eventmachine_httpserver (0.2.1)
    execjs (2.7.0)
    factory_girl (4.7.0)
      activesupport (>= 3.0.0)
    factory_girl_rails (4.7.0)
      factory_girl (~> 4.7.0)
      railties (>= 3.0.0)
    faraday (0.9.2)
      multipart-post (>= 1.2, < 3)
    globalid (0.4.0)
      activesupport (>= 4.2.0)
    hashdiff (0.3.0)
    hirb (0.7.3)
    http-cookie (1.0.2)
      domain_name (~> 0.5)
    http_parser.rb (0.6.0)
    i18n (0.8.1)
    jmespath (1.3.1)
    jquery-rails (4.3.1)
      rails-dom-testing (>= 1, < 3)
      railties (>= 4.2.0)
      thor (>= 0.14, < 2.0)
    json (1.8.6)
    jwt (1.5.4)
    kaminari (1.0.1)
      activesupport (>= 4.1.0)
      kaminari-actionview (= 1.0.1)
      kaminari-activerecord (= 1.0.1)
      kaminari-core (= 1.0.1)
    kaminari-actionview (1.0.1)
      actionview
      kaminari-core (= 1.0.1)
    kaminari-activerecord (1.0.1)
      activerecord
      kaminari-core (= 1.0.1)
    kaminari-core (1.0.1)
    kgio (2.10.0)
    libv8 (3.16.14.15)
    loofah (2.0.3)
      nokogiri (>= 1.5.9)
    mail (2.6.5)
      mime-types (>= 1.16, < 4)
    mime-types (2.99.3)
    mini_portile2 (2.1.0)
    minitest (5.10.1)
    momentjs-rails (2.17.1)
      railties (>= 3.1)
    multi_json (1.12.1)
    multi_xml (0.5.5)
    multipart-post (2.0.0)
    neat (1.8.0)
      sass (>= 3.3)
      thor (~> 0.19)
    net-scp (1.2.1)
      net-ssh (>= 2.6.5)
    net-ssh (3.2.0)
    netrc (0.11.0)
    nokogiri (1.7.1)
      mini_portile2 (~> 2.1.0)
    normalize-rails (4.1.1)
    oauth2 (1.2.0)
      faraday (>= 0.8, < 0.10)
      jwt (~> 1.0)
      multi_json (~> 1.3)
      multi_xml (~> 0.5)
      rack (>= 1.2, < 3)
    parser (2.3.1.2)
      ast (~> 2.2)
    pg (0.18.4)
    poltergeist (1.13.0)
      capybara (~> 2.1)
      cliver (~> 0.3.1)
      websocket-driver (>= 0.2.0)
    powerpack (0.1.1)
    puffing-billy (0.9.1)
      addressable
      em-http-request (~> 1.1.0)
      em-synchrony
      eventmachine (~> 1.0.4)
      eventmachine_httpserver
      http_parser.rb (~> 0.6.0)
      multi_json
    quiet_assets (1.1.0)
      railties (>= 3.1, < 5.0)
    rack (1.6.5)
    rack-cors (0.4.0)
    rack-test (0.6.3)
      rack (>= 1.0)
    rails (4.2.7.1)
      actionmailer (= 4.2.7.1)
      actionpack (= 4.2.7.1)
      actionview (= 4.2.7.1)
      activejob (= 4.2.7.1)
      activemodel (= 4.2.7.1)
      activerecord (= 4.2.7.1)
      activesupport (= 4.2.7.1)
      bundler (>= 1.3.0, < 2.0)
      railties (= 4.2.7.1)
      sprockets-rails
    rails-deprecated_sanitizer (1.0.3)
      activesupport (>= 4.2.0.alpha)
    rails-dom-testing (1.0.8)
      activesupport (>= 4.2.0.beta, < 5.0)
      nokogiri (~> 1.6)
      rails-deprecated_sanitizer (>= 1.0.1)
    rails-html-sanitizer (1.0.3)
      loofah (~> 2.0)
    rails_12factor (0.0.3)
      rails_serve_static_assets
      rails_stdout_logging
    rails_serve_static_assets (0.0.5)
    rails_stdout_logging (0.0.5)
    railties (4.2.7.1)
      actionpack (= 4.2.7.1)
      activesupport (= 4.2.7.1)
      rake (>= 0.8.7)
      thor (>= 0.18.1, < 2.0)
    rainbow (2.1.0)
    raindrops (0.17.0)
    rake (11.3.0)
    ref (2.0.0)
    rest-client (1.8.0)
      http-cookie (>= 1.0.2, < 2.0)
      mime-types (>= 1.16, < 3.0)
      netrc (~> 0.7)
    rspec-core (3.5.2)
      rspec-support (~> 3.5.0)
    rspec-expectations (3.5.0)
      diff-lcs (>= 1.2.0, < 2.0)
      rspec-support (~> 3.5.0)
    rspec-mocks (3.5.0)
      diff-lcs (>= 1.2.0, < 2.0)
      rspec-support (~> 3.5.0)
    rspec-rails (3.5.2)
      actionpack (>= 3.0)
      activesupport (>= 3.0)
      railties (>= 3.0)
      rspec-core (~> 3.5.0)
      rspec-expectations (~> 3.5.0)
      rspec-mocks (~> 3.5.0)
      rspec-support (~> 3.5.0)
    rspec-support (3.5.0)
    rubocop (0.42.0)
      parser (>= 2.3.1.1, < 3.0)
      powerpack (~> 0.1)
      rainbow (>= 1.99.1, < 3.0)
      ruby-progressbar (~> 1.7)
      unicode-display_width (~> 1.0, >= 1.0.1)
    rubocop-rspec (1.7.0)
      rubocop (>= 0.42.0)
    ruby-progressbar (1.8.1)
    safe_yaml (1.0.4)
    sass (3.4.23)
    sass-rails (5.0.6)
      railties (>= 4.0.0, < 6)
      sass (~> 3.1)
      sprockets (>= 2.8, < 4.0)
      sprockets-rails (>= 2.0, < 4.0)
      tilt (>= 1.1, < 3)
    scss_lint (0.49.0)
      rake (>= 0.9, < 12)
      sass (~> 3.4.20)
    selectize-rails (0.12.4)
    shoulda-matchers (3.1.1)
      activesupport (>= 4.0.0)
    simplecov (0.12.0)
      docile (~> 1.1.0)
      json (>= 1.8, < 3)
      simplecov-html (~> 0.10.0)
    simplecov-console (0.3.1)
      ansi
      hirb
      simplecov
    simplecov-html (0.10.0)
    sprockets (3.7.1)
      concurrent-ruby (~> 1.0)
      rack (> 1, < 3)
    sprockets-es6 (0.9.1)
      babel-source (>= 5.8.11)
      babel-transpiler
      sprockets (>= 3.0.0)
    sprockets-rails (3.2.0)
      actionpack (>= 4.0)
      activesupport (>= 4.0)
      sprockets (>= 3.0.0)
    sshkit (1.11.2)
      net-scp (>= 1.1.2)
      net-ssh (>= 2.8.0)
    stripe (1.43.1)
      rest-client (~> 1.4)
    therubyracer (0.12.2)
      libv8 (~> 3.16.14.0)
      ref
    thor (0.19.4)
    thread_safe (0.3.6)
    tilt (2.0.7)
    timecop (0.8.1)
    tzinfo (1.2.3)
      thread_safe (~> 0.1)
    uglifier (3.0.2)
      execjs (>= 0.3.0, < 3)
    unf (0.1.4)
      unf_ext
    unf_ext (0.0.7.2)
    unicode-display_width (1.1.0)
    unicorn (5.1.0)
      kgio (~> 2.6)
      raindrops (~> 0.7)
    webmock (2.1.0)
      addressable (>= 2.3.6)
      crack (>= 0.3.2)
      hashdiff
    websocket-driver (0.6.5)
      websocket-extensions (>= 0.1.0)
    websocket-extensions (0.1.2)
    whenever (0.9.7)
      chronic (>= 0.6.3)
    xpath (2.0.0)
      nokogiri (~> 1.3)

PLATFORMS
  ruby

DEPENDENCIES
  administrate (= 0.6.0)
  aws-sdk (= 2.5.6)
  brakeman (= 3.3.5)
  capistrano (= 3.6.1)
  capistrano-bundler (= 1.1.4)
  capistrano-maintenance (= 1.0.0)
  capistrano-rails (= 1.1.7)
  capistrano-rbenv (= 2.0.4)
  database_cleaner (= 1.5.3)
  dotenv-rails (= 2.1.1)
  factory_girl_rails (= 4.7.0)
  oauth2 (= 1.2.0)
  pg (= 0.18.4)
  poltergeist (= 1.13.0)
  puffing-billy (= 0.9.1)
  quiet_assets (= 1.1.0)
  rack-cors (= 0.4.0)
  rails (= 4.2.7.1)
  rails_12factor (= 0.0.3)
  rspec-rails (= 3.5.2)
  rubocop (= 0.42.0)
  rubocop-rspec (= 1.7.0)
  sass-rails (= 5.0.6)
  scss_lint (= 0.49.0)
  shoulda-matchers (= 3.1.1)
  simplecov (= 0.12.0)
  simplecov-console (= 0.3.1)
  sprockets-es6 (= 0.9.1)
  stripe (= 1.43.1)
  therubyracer (= 0.12.2)
  timecop (= 0.8.1)
  uglifier (= 3.0.2)
  unicorn (= 5.1.0)
  webmock (= 2.1.0)
  whenever (= 0.9.7)

RUBY VERSION
   ruby 2.2.3p173

BUNDLED WITH
   1.14.5
